GEM
  remote: https://rubygems.org/
  specs:
    rake (10.1.0)

PLATFORMS
  java

DEPENDENCIES
  rake
